GEM
  remote: https://rubygems.org/
  specs:
    activesupport (4.1.14.1)
      i18n (~> 0.6, >= 0.6.9)
      json (~> 1.7, >= 1.7.7)
      minitest (~> 5.1)
      thread_safe (~> 0.1)
      tzinfo (~> 1.1)
    autoprefixer-rails (6.3.3.1)
      execjs
    bootstrap-sass (3.3.6)
      autoprefixer-rails (>= 5.2.1)
      sass (>= 3.3.4)
    coderay (1.1.1)
    concurrent-ruby (1.0.0)
    daemons (1.2.3)
    deckrb (0.5.2)
      coderay
      erector (>= 0.9.0)
      json
      nokogiri
      rack (>= 1.4.1)
      rack-codehighlighter
      redcarpet (~> 2)
      thin
      trollop
    diff-lcs (1.2.5)
    erector (0.10.0)
      treetop (>= 1.2.3)
    eventmachine (1.0.9.1)
    execjs (2.6.0)
    ffi (1.9.10)
    files (0.3.1)
    font-awesome-sass (4.5.0)
      sass (>= 3.2)
    i18n (0.6.11)
    jquery-cdn (2.2.0)
      sprockets (>= 2)
    json (1.8.3)
    listen (3.0.6)
      rb-fsevent (>= 0.9.3)
      rb-inotify (>= 0.9.7)
    mini_portile2 (2.0.0)
    minitest (5.8.4)
    nokogiri (1.6.7.2)
      mini_portile2 (~> 2.0.0.rc2)
    polyglot (0.3.5)
    predicated (0.2.6)
    rack (1.6.4)
    rack-codehighlighter (0.5.1)
      nokogiri (>= 1.4.1)
      rack (>= 1.0.0)
    rack-protection (1.5.3)
      rack
    rack-test (0.6.3)
      rack (>= 1.0)
    rake (10.5.0)
    rb-fsevent (0.9.7)
    rb-inotify (0.9.7)
      ffi (>= 0.5.0)
    redcarpet (2.3.0)
    rerun (0.11.0)
      listen (~> 3.0)
    rspec (3.4.0)
      rspec-core (~> 3.4.0)
      rspec-expectations (~> 3.4.0)
      rspec-mocks (~> 3.4.0)
    rspec-core (3.4.3)
      rspec-support (~> 3.4.0)
    rspec-expectations (3.4.0)
      diff-lcs (>= 1.2.0, < 2.0)
      rspec-support (~> 3.4.0)
    rspec-mocks (3.4.1)
      diff-lcs (>= 1.2.0, < 2.0)
      rspec-support (~> 3.4.0)
    rspec-support (3.4.1)
    ruby2ruby (2.3.0)
      ruby_parser (~> 3.1)
      sexp_processor (~> 4.0)
    ruby_parser (3.8.1)
      sexp_processor (~> 4.1)
    rubyzip (1.2.0)
    sass (3.4.21)
    sexp_processor (4.7.0)
    sinatra (1.4.7)
      rack (~> 1.5)
      rack-protection (~> 1.4)
      tilt (>= 1.3, < 3)
    sprockets (3.5.2)
      concurrent-ruby (~> 1.0)
      rack (> 1, < 3)
    thin (1.6.4)
      daemons (~> 1.0, >= 1.0.9)
      eventmachine (~> 1.0, >= 1.0.4)
      rack (~> 1.0)
    thread_safe (0.3.5)
    tilt (2.0.2)
    treetop (1.6.4)
      polyglot (~> 0.3)
    trollop (2.1.2)
    tzinfo (1.2.2)
      thread_safe (~> 0.1)
    wrong (0.7.1)
      diff-lcs (~> 1.2.5)
      predicated (~> 0.2.6)
      ruby2ruby (>= 2.0.1)
      ruby_parser (>= 3.0.1)
      sexp_processor (>= 4.0)

PLATFORMS
  ruby

DEPENDENCIES
  activesupport
  bootstrap-sass
  coderay
  deckrb (~> 0.5.2)
  erector (~> 0.10.0)
  eventmachine (~> 1.0.3)
  files (~> 0.3.0)
  font-awesome-sass
  i18n (~> 0.6.9)
  jquery-cdn
  nokogiri
  rack-codehighlighter
  rack-test
  rake
  rb-fsevent
  redcarpet
  rerun
  rspec
  rubyzip
  sass
  sinatra (~> 1.4.0)
  sprockets
  thin
  wrong (~> 0.7.0)
